GIT
  remote: git://github.com/droidlabs/motion-prime.git
  revision: 95abc07edc90f5891eae945540f90ea70b887e9f
  specs:
    motion-prime (0.9.6)
      activesupport
      afmotion (~> 2.1.0)
      bubble-wrap (~> 1.5.0)
      cocoapods
      methadone
      motion-cocoapods
      motion-require
      motion-support (~> 0.2.6)
      rm-digest
      sugarcube (~> 1.5.2)
      thor

GEM
  remote: http://rubygems.org/
  specs:
    activesupport (3.2.17)
      i18n (~> 0.6, >= 0.6.4)
      multi_json (~> 1.0)
    afmotion (2.1.2)
      motion-cocoapods (~> 1.4.0)
      motion-require (>= 0.1)
    awesome_print_motion (0.1.0)
    bubble-wrap (1.5.0)
    claide (0.5.0)
    cocoapods (0.31.1)
      activesupport (>= 3.2.15, < 4)
      claide (~> 0.5.0)
      cocoapods-core (= 0.31.1)
      cocoapods-downloader (~> 0.4.1)
      cocoapods-try (~> 0.2.0)
      colored (~> 1.2)
      escape (~> 0.0.4)
      json_pure (~> 1.8)
      nap (~> 0.5)
      open4 (~> 1.3)
      xcodeproj (~> 0.16.0)
    cocoapods-core (0.31.1)
      activesupport (>= 3.2.15, < 4)
      fuzzy_match (~> 2.0.4)
      json_pure (~> 1.8)
      nap (~> 0.5)
    cocoapods-downloader (0.4.1)
    cocoapods-try (0.2.0)
    colored (1.2)
    escape (0.0.4)
    fuzzy_match (2.0.4)
    i18n (0.6.9)
    json_pure (1.8.1)
    methadone (1.3.2)
      bundler
    motion-cocoapods (1.4.0)
      cocoapods (>= 0.26.2)
    motion-require (0.2.0)
    motion-support (0.2.6)
      motion-require (>= 0.0.6)
    multi_json (1.9.2)
    nap (0.7.0)
    open4 (1.3.3)
    prime_sliding_action (0.2.0)
      cocoapods
      motion-cocoapods
      motion-prime (>= 0.9.6)
      motion-require
    prime_sliding_menu (0.1.6)
      cocoapods
      motion-cocoapods
      motion-require
    rm-digest (0.0.2)
    sugarcube (1.5.6)
    thor (0.19.1)
    xcodeproj (0.16.0)
      activesupport (~> 3.0)
      colored (~> 1.2)

PLATFORMS
  ruby

DEPENDENCIES
  awesome_print_motion
  motion-cocoapods (~> 1.4.0)
  motion-prime!
  prime_sliding_action
  prime_sliding_menu (~> 0.1.5)
